PATH
  remote: .
  specs:
    buildkiterb (1.0.0)
      faraday (~> 2.0)

GEM
  remote: https://rubygems.org/
  specs:
    dotenv (2.7.6)
    faraday (2.7.10)
      faraday-net_http (>= 2.0, < 3.1)
      ruby2_keywords (>= 0.0.4)
    faraday-net_http (3.0.2)
    minitest (5.15.0)
    rake (12.3.3)
    ruby2_keywords (0.0.5)
    vcr (6.2.0)

PLATFORMS
  ruby

DEPENDENCIES
  buildkiterb!
  dotenv
  minitest (~> 5.0)
  rake (~> 12.0)
  vcr

BUNDLED WITH
   2.3.21
